GEM
  remote: https://rubygems.org/
  specs:
    colorize (0.7.2)
    diff-lcs (1.2.5)
    rspec (2.14.1)
      rspec-core (~> 2.14.0)
      rspec-expectations (~> 2.14.0)
      rspec-mocks (~> 2.14.0)
    rspec-core (2.14.8)
    rspec-expectations (2.14.5)
      diff-lcs (>= 1.1.3, < 2.0)
    rspec-mocks (2.14.6)
    sqlite3 (1.3.7)

PLATFORMS
  ruby

DEPENDENCIES
  colorize
  rspec
  sqlite3
